GEM
  remote: https://rubygems.org/
  specs:
    minitest (5.11.3)
    rack (2.0.6)
    rack-test (1.1.0)
      rack (>= 1.0, < 3)
    rake (12.3.2)

PLATFORMS
  ruby

DEPENDENCIES
  minitest
  rack
  rack-test
  rake

BUNDLED WITH
   1.16.2
