GEM
  remote: https://rubygems.org/
  specs:
    minitest (5.14.0)
    rack (2.2.3.1)
    rack-test (1.1.0)
      rack (>= 1.0, < 3)
    rake (13.0.1)

PLATFORMS
  ruby

DEPENDENCIES
  minitest
  rack
  rack-test
  rake

BUNDLED WITH
   1.17.2
