GEM
  remote: https://rubygems.org/
  specs:
    minitest (5.14.0)
    mustermann (2.0.2)
      ruby2_keywords (~> 0.0.1)
    rack (2.2.4)
    rack-protection (2.2.3)
      rack
    rack-test (1.1.0)
      rack (>= 1.0, < 3)
    rake (13.0.1)
    ruby2_keywords (0.0.5)
    sinatra (2.2.3)
      mustermann (~> 2.0)
      rack (~> 2.2)
      rack-protection (= 2.2.3)
      tilt (~> 2.0)
    sqlite3 (1.4.2)
    tilt (2.0.11)

PLATFORMS
  ruby

DEPENDENCIES
  minitest
  rack-test
  rake
  sinatra
  sqlite3

BUNDLED WITH
   1.17.2
